GIT
  remote: git://github.com/rrollins/amazon-ec2.git
  revision: dbdddc3476a89df0e5e13f5fd5d4287af0fa7897
  specs:
    amazon-ec2 (0.9.17)
      xml-simple (>= 1.0.12)

PATH
  remote: .
  specs:
    capistrano-clouddeploy (0.0.1)

GEM
  remote: https://rubygems.org/
  specs:
    archive-tar-minitar (0.5.2)
    aws-s3 (0.6.2)
      builder
      mime-types
      xml-simple
    builder (3.0.0)
    capistrano (2.12.0)
      highline
      net-scp (>= 1.0.0)
      net-sftp (>= 2.0.0)
      net-ssh (>= 2.0.14)
      net-ssh-gateway (>= 1.1.0)
    columnize (0.3.6)
    highline (1.6.11)
    linecache19 (0.5.12)
      ruby_core_source (>= 0.1.4)
    metaclass (0.0.1)
    mime-types (1.18)
    mocha (0.10.5)
      metaclass (~> 0.0.1)
    net-scp (1.0.4)
      net-ssh (>= 1.99.1)
    net-sftp (2.0.5)
      net-ssh (>= 2.0.9)
    net-ssh (2.3.0)
    net-ssh-gateway (1.1.0)
      net-ssh (>= 1.99.1)
    ruby-debug-base19 (0.11.25)
      columnize (>= 0.3.1)
      linecache19 (>= 0.5.11)
      ruby_core_source (>= 0.1.4)
    ruby-debug19 (0.11.6)
      columnize (>= 0.3.1)
      linecache19 (>= 0.5.11)
      ruby-debug-base19 (>= 0.11.19)
    ruby_core_source (0.1.5)
      archive-tar-minitar (>= 0.5.2)
    test-spec (0.10.0)
    test-unit (2.4.8)
    xml-simple (1.1.1)

PLATFORMS
  ruby

DEPENDENCIES
  amazon-ec2 (= 0.9.17)!
  aws-s3
  capistrano
  capistrano-clouddeploy!
  mocha (>= 0.9.9)
  ruby-debug19 (>= 0.11.6)
  test-spec (>= 0.10.0)
  test-unit (>= 2.1.2)
